PATH
  remote: .
  specs:
    tcd_x12 (1.7.1)
      libxml-ruby (~> 3.1)

GEM
  remote: https://rubygems.org/
  specs:
    docile (1.3.2)
    json (2.3.0)
    libxml-ruby (3.1.0)
    minitest (5.13.0)
    rake (10.5.0)
    simplecov (0.17.1)
      docile (~> 1.1)
      json (>= 1.8, < 3)
      simplecov-html (~> 0.10.0)
    simplecov-html (0.10.2)

PLATFORMS
  ruby

DEPENDENCIES
  minitest (~> 5.0)
  rake (~> 10.0)
  simplecov
  tcd_x12!

BUNDLED WITH
   2.0.2
